GEM
  remote: https://rubygems.org/
  specs:
    activesupport (8.0.1)
      base64
      benchmark (>= 0.3)
      bigdecimal
      concurrent-ruby (~> 1.0, >= 1.3.1)
      connection_pool (>= 2.2.5)
      drb
      i18n (>= 1.6, < 2)
      logger (>= 1.4.2)
      minitest (>= 5.1)
      securerandom (>= 0.3)
      tzinfo (~> 2.0, >= 2.0.5)
      uri (>= 0.13.1)
    addressable (2.8.7)
      public_suffix (>= 2.0.2, < 7.0)
    base64 (0.2.0)
    benchmark (0.4.0)
    bigdecimal (3.1.8)
    concurrent-ruby (1.3.4)
    connection_pool (2.4.1)
    drb (2.2.1)
    event_stream_parser (1.0.0)
    faraday (2.12.2)
      faraday-net_http (>= 2.0, < 3.5)
      json
      logger
    faraday-net_http (3.4.0)
      net-http (>= 0.5.0)
    faraday-retry (2.2.1)
      faraday (~> 2.0)
    gapic-common (0.24.0)
      faraday (>= 1.9, < 3.a)
      faraday-retry (>= 1.0, < 3.a)
      google-cloud-env (~> 2.2)
      google-logging-utils (~> 0.1)
      google-protobuf (>= 3.25, < 5.a)
      googleapis-common-protos (~> 1.6)
      googleapis-common-protos-types (~> 1.15)
      googleauth (~> 1.12)
      grpc (~> 1.66)
    google-cloud-core (1.7.1)
      google-cloud-env (>= 1.0, < 3.a)
      google-cloud-errors (~> 1.0)
    google-cloud-env (2.2.1)
      faraday (>= 1.0, < 3.a)
    google-cloud-errors (1.4.0)
    google-cloud-speech (1.7.1)
      google-cloud-core (~> 1.6)
      google-cloud-speech-v1 (>= 0.16, < 2.a)
      google-cloud-speech-v1p1beta1 (>= 0.20, < 2.a)
    google-cloud-speech-v1 (1.1.0)
      gapic-common (>= 0.24.0, < 2.a)
      google-cloud-errors (~> 1.0)
    google-cloud-speech-v1p1beta1 (0.22.0)
      gapic-common (>= 0.24.0, < 2.a)
      google-cloud-errors (~> 1.0)
    google-logging-utils (0.1.0)
    google-protobuf (4.29.2)
      bigdecimal
      rake (>= 13)
    google-protobuf (4.29.2-aarch64-linux)
      bigdecimal
      rake (>= 13)
    google-protobuf (4.29.2-arm64-darwin)
      bigdecimal
      rake (>= 13)
    google-protobuf (4.29.2-x86-linux)
      bigdecimal
      rake (>= 13)
    google-protobuf (4.29.2-x86_64-darwin)
      bigdecimal
      rake (>= 13)
    google-protobuf (4.29.2-x86_64-linux)
      bigdecimal
      rake (>= 13)
    googleapis-common-protos (1.6.0)
      google-protobuf (>= 3.18, < 5.a)
      googleapis-common-protos-types (~> 1.7)
      grpc (~> 1.41)
    googleapis-common-protos-types (1.16.0)
      google-protobuf (>= 3.18, < 5.a)
    googleauth (1.12.1)
      faraday (>= 1.0, < 3.a)
      google-cloud-env (~> 2.2)
      google-logging-utils (~> 0.1)
      jwt (>= 1.4, < 3.0)
      multi_json (~> 1.11)
      os (>= 0.9, < 2.0)
      signet (>= 0.16, < 2.a)
    groq (0.3.2)
      activesupport (> 5)
      event_stream_parser (~> 1.0)
      faraday (>= 1.10.0)
      json
    grpc (1.68.1)
      google-protobuf (>= 3.25, < 5.0)
      googleapis-common-protos-types (~> 1.0)
    grpc (1.68.1-aarch64-linux)
      google-protobuf (>= 3.25, < 5.0)
      googleapis-common-protos-types (~> 1.0)
    grpc (1.68.1-arm64-darwin)
      google-protobuf (>= 3.25, < 5.0)
      googleapis-common-protos-types (~> 1.0)
    grpc (1.68.1-x86-linux)
      google-protobuf (>= 3.25, < 5.0)
      googleapis-common-protos-types (~> 1.0)
    grpc (1.68.1-x86_64-darwin)
      google-protobuf (>= 3.25, < 5.0)
      googleapis-common-protos-types (~> 1.0)
    grpc (1.68.1-x86_64-linux)
      google-protobuf (>= 3.25, < 5.0)
      googleapis-common-protos-types (~> 1.0)
    i18n (1.14.6)
      concurrent-ruby (~> 1.0)
    json (2.9.1)
    jwt (2.9.3)
      base64
    logger (1.6.4)
    minitest (5.25.4)
    multi_json (1.15.0)
    net-http (0.6.0)
      uri
    nokogiri (1.17.2-aarch64-linux)
      racc (~> 1.4)
    nokogiri (1.17.2-arm-linux)
      racc (~> 1.4)
    nokogiri (1.17.2-arm64-darwin)
      racc (~> 1.4)
    nokogiri (1.17.2-x86-linux)
      racc (~> 1.4)
    nokogiri (1.17.2-x86_64-darwin)
      racc (~> 1.4)
    nokogiri (1.17.2-x86_64-linux)
      racc (~> 1.4)
    os (1.1.4)
    public_suffix (6.0.1)
    racc (1.8.1)
    rake (13.2.1)
    ruby_speech (3.0.1)
      activesupport (>= 3.0.7)
      nokogiri (~> 1.8, >= 1.8.3)
    securerandom (0.4.1)
    signet (0.19.0)
      addressable (~> 2.8)
      faraday (>= 0.17.5, < 3.a)
      jwt (>= 1.5, < 3.0)
      multi_json (~> 1.10)
    tts (0.8.2)
    tzinfo (2.0.6)
      concurrent-ruby (~> 1.0)
    uri (1.0.2)

PLATFORMS
  aarch64-linux
  arm-linux
  arm64-darwin
  x86-linux
  x86_64-darwin
  x86_64-linux

DEPENDENCIES
  google-cloud-speech (~> 1.7)
  groq (~> 0.3.2)
  ruby_speech (~> 3.0)
  tts (~> 0.8.2)

BUNDLED WITH
   2.5.23
